GEM
  remote: http://rubygems.org/
  specs:
    activesupport (3.0.4)
    addressable (2.2.4)
    eventmachine (0.12.10)
    faraday (0.5.5)
      addressable (~> 2.2.4)
      multipart-post (~> 1.1.0)
      rack (>= 1.1.0, < 2)
    hpricot (0.8.3)
    i18n (0.5.0)
    little-plugger (1.1.2)
    logging (1.4.3)
      little-plugger (>= 1.1.2)
    mime-types (1.16)
    multipart-post (1.1.0)
    patron (0.4.11)
    rack (1.2.1)
    roauth (0.0.3)
    tinder (1.4.3)
      activesupport
      eventmachine
      faraday (~> 0.5.1)
      mime-types
      multipart-post
      twitter-stream
    twitter-stream (0.1.10)
      eventmachine (>= 0.12.8)
      roauth (>= 0.0.2)

PLATFORMS
  ruby

DEPENDENCIES
  activesupport
  eventmachine
  hpricot
  i18n
  logging
  mime-types
  patron
  tinder (> 1.4.0)
